GIT
  remote: https://github.com/tamc/excel_to_code
  revision: 1aa4bcb76fed306019831584d8c357781ccc9627
  branch: climact
  specs:
    excel_to_code (0.3.18)
      ffi (~> 1.0, >= 1.0.11)
      ox (~> 2.0, >= 2.0.12)
      rspec (~> 2.7, >= 2.7.0)
      rubypeg (~> 0)

GEM
  remote: http://rubygems.org/
  specs:
    concurrent-ruby (1.0.5)
    diff-lcs (1.3)
    ffi (1.9.25)
    json (2.1.0)
    minitest (5.11.3)
    ox (2.9.4)
    rack (1.6.10)
    rack-protection (1.5.5)
      rack
    rspec (2.99.0)
      rspec-core (~> 2.99.0)
      rspec-expectations (~> 2.99.0)
      rspec-mocks (~> 2.99.0)
    rspec-core (2.99.2)
    rspec-expectations (2.99.2)
      diff-lcs (>= 1.1.3, < 2.0)
    rspec-mocks (2.99.4)
    rubypeg (0.0.4)
      rubyscriptwriter
    rubyscriptwriter (0.0.2)
    sinatra (1.4.8)
      rack (~> 1.5)
      rack-protection (~> 1.4)
      tilt (>= 1.3, < 3)
    sprockets (3.7.2)
      concurrent-ruby (~> 1.0)
      rack (> 1, < 3)
    tilt (2.0.8)

PLATFORMS
  ruby

DEPENDENCIES
  excel_to_code!
  ffi
  json
  minitest
  sinatra
  sprockets

BUNDLED WITH
   1.15.4
